PATH
  remote: .
  specs:
    gman (2.1.0)
      addressable (~> 2.3)
      public_suffix (~> 1.4)
      swot (~> 0.3)

GEM
  remote: https://rubygems.org/
  specs:
    activesupport (4.1.1)
      i18n (~> 0.6, >= 0.6.9)
      json (~> 1.7, >= 1.7.7)
      minitest (~> 5.1)
      thread_safe (~> 0.1)
      tzinfo (~> 1.1)
    addressable (2.3.6)
    i18n (0.6.9)
    json (1.8.1)
    minitest (5.3.4)
    net-dns (0.8.0)
    public_suffix (1.4.3)
    rake (10.3.2)
    rdoc (4.1.1)
      json (~> 1.4)
    shoulda (3.5.0)
      shoulda-context (~> 1.0, >= 1.0.1)
      shoulda-matchers (>= 1.4.1, < 3.0)
    shoulda-context (1.2.1)
    shoulda-matchers (2.6.1)
      activesupport (>= 3.0.0)
    swot (0.3.0)
      public_suffix
    thread_safe (0.3.4)
    tzinfo (1.2.1)
      thread_safe (~> 0.1)

PLATFORMS
  ruby

DEPENDENCIES
  bundler
  gman!
  net-dns
  rake
  rdoc
  shoulda
